GIT
  remote: git@github.com:carr/phone.git
  revision: b1184ee13abc4681e749eede0566dd8a07024da7
  specs:
    phone (1.3.0.beta1)

GIT
  remote: git@github.com:ckgagan/ffs.git
  revision: c526537779aff43731ee7730e00d17f50199d785
  specs:
    ffs (0.1.0)
      rails (>= 4.1.0)

GIT
  remote: git@github.com:monterail/zip-codes.git
  revision: 46b5ba5bb6e912ddd965c30e7a3678406bda44ea
  specs:
    zip-codes (0.3.6)

GIT
  remote: git@github.com:sanjsharma/bootstrap3-datetimepicker-rails.git
  revision: 294ad057050ab3ddcbe7dcceeca1e8426bf20df7
  specs:
    bootstrap3-datetimepicker-rails (4.17.43)
      momentjs-rails (>= 2.8.1)

GIT
  remote: git@github.com:thecodecrate/city-state.git
  revision: b6912a47bf78d8961c80e9d7e75d7f94d96d957e
  specs:
    city-state (1.1.0)
      rubyzip (>= 2.3)

GEM
  remote: https://rubygems.org/
  specs:
    aasm (5.0.8)
      concurrent-ruby (~> 1.0)
    actioncable (6.1.7.10)
      actionpack (= 6.1.7.10)
      activesupport (= 6.1.7.10)
      nio4r (~> 2.0)
      websocket-driver (>= 0.6.1)
    actionmailbox (6.1.7.10)
      actionpack (= 6.1.7.10)
      activejob (= 6.1.7.10)
      activerecord (= 6.1.7.10)
      activestorage (= 6.1.7.10)
      activesupport (= 6.1.7.10)
      mail (>= 2.7.1)
    actionmailer (6.1.7.10)
      actionpack (= 6.1.7.10)
      actionview (= 6.1.7.10)
      activejob (= 6.1.7.10)
      activesupport (= 6.1.7.10)
      mail (~> 2.5, >= 2.5.4)
      rails-dom-testing (~> 2.0)
    actionpack (6.1.7.10)
      actionview (= 6.1.7.10)
      activesupport (= 6.1.7.10)
      rack (~> 2.0, >= 2.0.9)
      rack-test (>= 0.6.3)
      rails-dom-testing (~> 2.0)
      rails-html-sanitizer (~> 1.0, >= 1.2.0)
    actionpack-cloudfront (1.2.0)
      actionpack (>= 4.2)
      railties (>= 4.2)
    actiontext (6.1.7.10)
      actionpack (= 6.1.7.10)
      activerecord (= 6.1.7.10)
      activestorage (= 6.1.7.10)
      activesupport (= 6.1.7.10)
      nokogiri (>= 1.8.5)
    actionview (6.1.7.10)
      activesupport (= 6.1.7.10)
      builder (~> 3.1)
      erubi (~> 1.4)
      rails-dom-testing (~> 2.0)
      rails-html-sanitizer (~> 1.1, >= 1.2.0)
    active_link_to (1.0.5)
      actionpack
      addressable
    active_model_serializers (0.10.15)
      actionpack (>= 4.1)
      activemodel (>= 4.1)
      case_transform (>= 0.2)
      jsonapi-renderer (>= 0.1.1.beta1, < 0.3)
    active_record_union (1.3.0)
      activerecord (>= 4.0)
    activejob (6.1.7.10)
      activesupport (= 6.1.7.10)
      globalid (>= 0.3.6)
    activemerchant (1.89.0)
      activesupport (>= 4.2)
      builder (>= 2.1.2, < 4.0.0)
      i18n (>= 0.6.9)
      nokogiri (~> 1.4)
    activemodel (6.1.7.10)
      activesupport (= 6.1.7.10)
    activemodel-serializers-xml (1.0.3)
      activemodel (>= 5.0.0.a)
      activesupport (>= 5.0.0.a)
      builder (~> 3.1)
    activerecord (6.1.7.10)
      activemodel (= 6.1.7.10)
      activesupport (= 6.1.7.10)
    activerecord-import (1.0.8)
      activerecord (>= 3.2)
    activestorage (6.1.7.10)
      actionpack (= 6.1.7.10)
      activejob (= 6.1.7.10)
      activerecord (= 6.1.7.10)
      activesupport (= 6.1.7.10)
      marcel (~> 1.0)
      mini_mime (>= 1.1.0)
    activesupport (6.1.7.10)
      concurrent-ruby (~> 1.0, >= 1.0.2)
      i18n (>= 1.6, < 2)
      minitest (>= 5.1)
      tzinfo (~> 2.0)
      zeitwerk (~> 2.3)
    addressable (2.8.7)
      public_suffix (>= 2.0.2, < 7.0)
    akami (1.3.3)
      base64
      gyoku (>= 0.4.0)
      nokogiri
    american_date (1.1.1)
    annotate (3.1.1)
      activerecord (>= 3.2, < 7.0)
      rake (>= 10.4, < 14.0)
    area (0.10.0)
      fastercsv (~> 1.5)
    ast (2.4.2)
    async (2.10.2)
      console (~> 1.10)
      fiber-annotation
      io-event (~> 1.5, >= 1.5.1)
      timers (~> 4.1)
    async-http (0.56.5)
      async (>= 1.25)
      async-io (>= 1.28)
      async-pool (>= 0.2)
      protocol-http (~> 0.22.0)
      protocol-http1 (~> 0.14.0)
      protocol-http2 (~> 0.14.0)
    async-io (1.43.2)
      async
    async-pool (0.10.2)
      async (>= 1.25)
      traces
    async-rspec (1.17.0)
      rspec (~> 3.0)
      rspec-files (~> 1.0)
      rspec-memory (~> 1.0)
    audio-trimmer (0.0.6)
    auth0 (5.13.0)
      addressable (~> 2.8)
      jwt (~> 2.5)
      rest-client (~> 2.1)
      retryable (~> 3.0)
      zache (~> 0.12)
    authy (2.7.5)
      httpclient (>= 2.5.3.3)
    autoprefixer-rails (10.4.19.0)
      execjs (~> 2)
    awesome_print (1.8.0)
    aws-eventstream (1.3.0)
    aws-partitions (1.1042.0)
    aws-sdk-athena (1.99.0)
      aws-sdk-core (~> 3, >= 3.216.0)
      aws-sigv4 (~> 1.5)
    aws-sdk-codedeploy (1.80.0)
      aws-sdk-core (~> 3, >= 3.216.0)
      aws-sigv4 (~> 1.5)
    aws-sdk-comprehend (1.96.0)
      aws-sdk-core (~> 3, >= 3.216.0)
      aws-sigv4 (~> 1.5)
    aws-sdk-core (3.217.0)
      aws-eventstream (~> 1, >= 1.3.0)
      aws-partitions (~> 1, >= 1.992.0)
      aws-sigv4 (~> 1.9)
      jmespath (~> 1, >= 1.6.1)
    aws-sdk-dynamodb (1.134.0)
      aws-sdk-core (~> 3, >= 3.216.0)
      aws-sigv4 (~> 1.5)
    aws-sdk-kinesis (1.72.0)
      aws-sdk-core (~> 3, >= 3.216.0)
      aws-sigv4 (~> 1.5)
    aws-sdk-kms (1.97.0)
      aws-sdk-core (~> 3, >= 3.216.0)
      aws-sigv4 (~> 1.5)
    aws-sdk-lambda (1.145.0)
      aws-sdk-core (~> 3, >= 3.216.0)
      aws-sigv4 (~> 1.5)
    aws-sdk-rds (1.266.0)
      aws-sdk-core (~> 3, >= 3.216.0)
      aws-sigv4 (~> 1.5)
    aws-sdk-s3 (1.178.0)
      aws-sdk-core (~> 3, >= 3.216.0)
      aws-sdk-kms (~> 1)
      aws-sigv4 (~> 1.5)
    aws-sdk-secretsmanager (1.111.0)
      aws-sdk-core (~> 3, >= 3.216.0)
      aws-sigv4 (~> 1.5)
    aws-sdk-ses (1.79.0)
      aws-sdk-core (~> 3, >= 3.216.0)
      aws-sigv4 (~> 1.5)
    aws-sdk-sns (1.94.0)
      aws-sdk-core (~> 3, >= 3.216.0)
      aws-sigv4 (~> 1.5)
    aws-sdk-sqs (1.91.0)
      aws-sdk-core (~> 3, >= 3.216.0)
      aws-sigv4 (~> 1.5)
    aws-sdk-ssm (1.188.0)
      aws-sdk-core (~> 3, >= 3.216.0)
      aws-sigv4 (~> 1.5)
    aws-sigv4 (1.11.0)
      aws-eventstream (~> 1, >= 1.0.2)
    axe-core-api (4.10.2)
      dumb_delegator
      ostruct
      virtus
    axe-core-capybara (4.4.2)
      axe-core-api
      dumb_delegator
    axe-core-rspec (4.4.2)
      axe-core-api
      dumb_delegator
      virtus
    axiom-types (0.1.1)
      descendants_tracker (~> 0.0.4)
      ice_nine (~> 0.11.0)
      thread_safe (~> 0.3, >= 0.3.1)
    babel-source (5.8.35)
    babel-transpiler (0.7.0)
      babel-source (>= 4.0, < 6)
      execjs (~> 2.0)
    bake (0.21.0)
      bigdecimal
      samovar (~> 2.1)
    base64 (0.2.0)
    bcrypt (3.1.20)
    bcrypt_pbkdf (1.1.1)
    bcrypt_pbkdf (1.1.1-arm64-darwin)
    better_errors (2.10.1)
      erubi (>= 1.0.0)
      rack (>= 0.9.0)
      rouge (>= 1.0.0)
    bigdecimal (3.1.9)
    bond (0.5.1)
    bootsnap (1.18.4)
      msgpack (~> 1.2)
    bootstrap-datepicker-rails (1.8.0.1)
      railties (>= 3.0)
    bootstrap-sass (3.4.1)
      autoprefixer-rails (>= 5.2.1)
      sassc (>= 2.0.0)
    bootstrap-select-rails (1.12.4)
    brakeman (7.0.0)
      racc
    browser (5.3.1)
    builder (3.3.0)
    bullet (7.0.7)
      activesupport (>= 3.0.0)
      uniform_notifier (~> 1.11)
    bundler-audit (0.9.2)
      bundler (>= 1.2.0, < 3)
      thor (~> 1.0)
    capybara (3.40.0)
      addressable
      matrix
      mini_mime (>= 0.1.3)
      nokogiri (~> 1.11)
      rack (>= 1.6.0)
      rack-test (>= 0.6.3)
      regexp_parser (>= 1.5, < 3.0)
      xpath (~> 3.2)
    capybara-screenshot (1.0.26)
      capybara (>= 1.0, < 4)
      launchy
    carrierwave (2.2.6)
      activemodel (>= 5.0.0)
      activesupport (>= 5.0.0)
      addressable (~> 2.6)
      image_processing (~> 1.1)
      marcel (~> 1.0.0)
      mini_mime (>= 0.1.3)
      ssrf_filter (~> 1.0)
    carrierwave-aws (1.5.0)
      aws-sdk-s3 (~> 1.0)
      carrierwave (~> 2.0)
    case_transform (0.2)
      activesupport
    character_set (1.8.0)
    chartkick (5.1.2)
    chewy (5.2.0)
      activesupport (>= 5.2)
      elasticsearch (>= 2.0.0)
      elasticsearch-dsl
    childprocess (4.1.0)
    client_side_validations (22.3.0)
      js_regex (~> 3.7)
      rails (>= 6.1)
    client_side_validations-simple_form (16.0.0)
      client_side_validations (~> 22.0)
      simple_form (~> 5.2)
    cliver (0.3.2)
    cmath (1.0.0)
    cocoon (1.2.15)
    coercible (1.0.0)
      descendants_tracker (~> 0.0.1)
    coffee-rails (5.0.0)
      coffee-script (>= 2.2.0)
      railties (>= 5.2.0)
    coffee-script (2.4.1)
      coffee-script-source
      execjs
    coffee-script-source (1.12.2)
    coffeelint (1.16.1)
      coffee-script
      execjs
      json
    combine_pdf (1.0.29)
      matrix
      ruby-rc4 (>= 0.1.5)
    comfortable_mexican_sofa (2.0.19)
      active_link_to (>= 1.0.0)
      comfy_bootstrap_form (>= 4.0.0)
      haml-rails (>= 1.0.0)
      jquery-rails (>= 4.3.1)
      kramdown (>= 1.0.0)
      mimemagic (>= 0.3.2)
      mini_magick (>= 4.8.0)
      rails (>= 5.2.0)
      rails-i18n (>= 5.0.0)
      sassc-rails (>= 2.0.0)
    comfy_bootstrap_form (4.0.9)
      rails (>= 5.0.0)
    committee (3.3.0)
      json_schema (~> 0.14, >= 0.14.3)
      openapi_parser (>= 0.6.1)
      rack (>= 1.5)
    concurrent-ruby (1.3.5)
    connection_pool (2.5.0)
    console (1.24.0)
      fiber-annotation
      fiber-local
      json
    coverband (6.1.4)
      redis (>= 3.0)
    crack (1.0.0)
      bigdecimal
      rexml
    crass (1.0.6)
    database_cleaner (2.0.2)
      database_cleaner-active_record (>= 2, < 3)
    database_cleaner-active_record (2.2.0)
      activerecord (>= 5.a)
      database_cleaner-core (~> 2.0.0)
    database_cleaner-core (2.0.1)
    date (3.4.1)
    ddtrace (1.11.1)
      debase-ruby_core_source (>= 0.10.16, <= 3.2.0)
      libdatadog (~> 2.0.0.1.0)
      libddwaf (~> 1.8.2.0.0)
      msgpack
    debase-ruby_core_source (3.2.0)
    deep_cloneable (3.0.0)
      activerecord (>= 3.1.0, < 7)
    descendants_tracker (0.0.4)
      thread_safe (~> 0.3, >= 0.3.1)
    devise (4.9.4)
      bcrypt (~> 3.0)
      orm_adapter (~> 0.1)
      railties (>= 4.1.0)
      responders
      warden (~> 1.2.3)
    devise_masquerade (1.3.12)
      devise (>= 4.7.0)
      globalid (>= 0.3.6)
      railties (>= 5.2.0)
    diff-lcs (1.5.1)
    docile (1.4.1)
    dogapi (1.45.0)
      multi_json
    dogstatsd-ruby (5.5.0)
    domain_name (0.6.20240107)
    dotenv (2.8.1)
    dotenv-rails (2.8.1)
      dotenv (= 2.8.1)
      railties (>= 3.2)
    draper (4.0.2)
      actionpack (>= 5.0)
      activemodel (>= 5.0)
      activemodel-serializers-xml (>= 1.0)
      activesupport (>= 5.0)
      request_store (>= 1.0)
      ruby2_keywords
    dropbox-sign (1.8.0)
      typhoeus (~> 1.0, >= 1.0.1)
    dry-configurable (1.3.0)
      dry-core (~> 1.1)
      zeitwerk (~> 2.6)
    dry-core (1.1.0)
      concurrent-ruby (~> 1.0)
      logger
      zeitwerk (~> 2.6)
    dry-inflector (1.2.0)
    dry-initializer (3.2.0)
    dry-logic (1.6.0)
      bigdecimal
      concurrent-ruby (~> 1.0)
      dry-core (~> 1.1)
      zeitwerk (~> 2.6)
    dry-schema (1.14.0)
      concurrent-ruby (~> 1.0)
      dry-configurable (~> 1.0, >= 1.0.1)
      dry-core (~> 1.1)
      dry-initializer (~> 3.2)
      dry-logic (~> 1.5)
      dry-types (~> 1.8)
      zeitwerk (~> 2.6)
    dry-types (1.8.1)
      bigdecimal (~> 3.0)
      concurrent-ruby (~> 1.0)
      dry-core (~> 1.0)
      dry-inflector (~> 1.0)
      dry-logic (~> 1.4)
      zeitwerk (~> 2.6)
    dry-validation (1.11.1)
      concurrent-ruby (~> 1.0)
      dry-core (~> 1.1)
      dry-initializer (~> 3.2)
      dry-schema (~> 1.14)
      zeitwerk (~> 2.6)
    dumb_delegator (1.1.0)
    ed25519 (1.3.0)
    elasticsearch (7.17.11)
      elasticsearch-api (= 7.17.11)
      elasticsearch-transport (= 7.17.11)
    elasticsearch-api (7.17.11)
      multi_json
    elasticsearch-dsl (0.1.10)
    elasticsearch-transport (7.17.11)
      base64
      faraday (>= 1, < 3)
      multi_json
    erubi (1.13.1)
    ethon (0.16.0)
      ffi (>= 1.15.0)
    excon (0.71.1)
    execjs (2.10.0)
    factory_bot (4.11.1)
      activesupport (>= 3.0.0)
    factory_bot_rails (4.11.1)
      factory_bot (~> 4.11.1)
      railties (>= 3.0.0)
    faker (3.1.1)
      i18n (>= 1.8.11, < 2)
    faraday (2.7.12)
      base64
      faraday-net_http (>= 2.0, < 3.1)
      ruby2_keywords (>= 0.0.4)
    faraday-mashify (0.1.1)
      faraday (~> 2.0)
      hashie
    faraday-multipart (1.1.0)
      multipart-post (~> 2.0)
    faraday-net_http (3.0.2)
    faraday-typhoeus (1.1.0)
      faraday (~> 2.0)
      typhoeus (~> 1.4)
    faraday_middleware-aws-sigv4 (0.2.4)
      aws-sigv4 (~> 1.0)
      faraday (>= 0.9)
    fastercsv (1.5.5)
    ffi (1.15.5)
    ffi-compiler (1.3.2)
      ffi (>= 1.15.5)
      rake
    fiber-annotation (0.2.0)
    fiber-local (1.0.0)
    fiber-storage (1.0.0)
    fix-db-schema-conflicts (3.1.1)
      rubocop (>= 0.38.0)
    fun_sftp (1.1.3)
      net-sftp
    gender_detector (2.0.0)
    geokit (1.13.1)
    geokit-rails (2.5.0)
      geokit (~> 1.5)
      rails (>= 3.0)
    gli (2.22.1)
      ostruct
    globalid (1.2.1)
      activesupport (>= 6.1)
    gon (6.4.0)
      actionpack (>= 3.0.20)
      i18n (>= 0.7)
      multi_json
      request_store (>= 1.0)
    google-protobuf (3.22.5)
    google-protobuf (3.22.5-arm64-darwin)
    grape (1.7.1)
      activesupport
      builder
      dry-types (>= 1.1)
      mustermann-grape (~> 1.0.0)
      rack (>= 1.3.0, < 3)
      rack-accept
    grape-entity (1.0.1)
      activesupport (>= 3.0.0)
      multi_json (>= 1.3.2)
    grape-middleware-logger (1.12.0)
      grape (>= 0.17)
    grape-route-helpers (2.1.0)
      activesupport
      grape (>= 0.16.0)
      rake
    graphql (2.4.8)
      base64
      fiber-storage
    graphql-client (0.18.0)
      activesupport (>= 3.0)
      graphql
    gyoku (1.4.0)
      builder (>= 2.1.2)
      rexml (~> 3.0)
    haml (6.3.0)
      temple (>= 0.8.2)
      thor
      tilt
    haml-rails (2.1.0)
      actionpack (>= 5.1)
      activesupport (>= 5.1)
      haml (>= 4.0.6)
      railties (>= 5.1)
    hashdiff (1.1.2)
    hashie (5.0.0)
    headless (2.3.1)
    hiredis (0.6.3)
    honeybadger (5.2.1)
    htmlentities (4.3.4)
    http (5.2.0)
      addressable (~> 2.8)
      base64 (~> 0.1)
      http-cookie (~> 1.0)
      http-form_data (~> 2.2)
      llhttp-ffi (~> 0.5.0)
    http-accept (1.7.0)
    http-cookie (1.0.8)
      domain_name (~> 0.5)
    http-form_data (2.3.0)
    httparty (0.21.0)
      mini_mime (>= 1.0.0)
      multi_xml (>= 0.5.2)
    httpclient (2.8.3)
    httpi (2.5.0)
      rack
      socksify
    i18n (1.8.11)
      concurrent-ruby (~> 1.0)
    i18n_yaml_sorter (0.2.0)
    ice_nine (0.11.2)
    image_processing (1.13.0)
      mini_magick (>= 4.9.5, < 5)
      ruby-vips (>= 2.0.17, < 3)
    iniparse (1.5.0)
    inline_svg (1.8.0)
      activesupport (>= 3.0)
      nokogiri (>= 1.6)
    interactor (3.1.2)
    io-event (1.7.5)
    jasny-bootstrap-rails (3.1.3)
      railties (>= 3.0)
    jbuilder (2.11.5)
      actionview (>= 5.0.0)
      activesupport (>= 5.0.0)
    jmespath (1.6.2)
    jquery-countdown-rails (2.0.2)
    jquery-rails (4.4.0)
      rails-dom-testing (>= 1, < 3)
      railties (>= 4.2.0)
      thor (>= 0.14, < 2.0)
    jquery-screenfull-rails (3.0.0)
      railties (>= 3.1.0)
    jquery-ui-rails (6.0.1)
      railties (>= 3.2.16)
    js_regex (3.12.0)
      character_set (~> 1.4)
      regexp_parser (>= 2.6.2, < 3.0.0)
      regexp_property_values (~> 1.0)
    json (2.9.1)
    json-schema (3.0.0)
      addressable (>= 2.8)
    json_schema (0.21.0)
    jsonapi-renderer (0.2.2)
    jwt (2.5.0)
    kaminari (1.2.2)
      activesupport (>= 4.1.0)
      kaminari-actionview (= 1.2.2)
      kaminari-activerecord (= 1.2.2)
      kaminari-core (= 1.2.2)
    kaminari-actionview (1.2.2)
      actionview
      kaminari-core (= 1.2.2)
    kaminari-activerecord (1.2.2)
      activerecord
      kaminari-core (= 1.2.2)
    kaminari-core (1.2.2)
    keisan (0.8.6)
      cmath (~> 1.0)
    knapsack (4.0.0)
      rake
    kramdown (2.5.1)
      rexml (>= 3.3.9)
    kwalify (0.7.2)
    language_server-protocol (3.17.0.3)
    launchdarkly-server-sdk (8.1.0)
      concurrent-ruby (~> 1.1)
      http (>= 4.4.0, < 6.0.0)
      json (~> 2.3)
      ld-eventsource (= 2.2.2)
      semantic (~> 1.6)
    launchy (2.5.2)
      addressable (~> 2.8)
    ld-eventsource (2.2.2)
      concurrent-ruby (~> 1.0)
      http (>= 4.4.1, < 6.0.0)
    libdatadog (2.0.0.1.0)
    libddwaf (1.8.2.0.0)
      ffi (~> 1.0)
    libddwaf (1.8.2.0.0-arm64-darwin)
      ffi (~> 1.0)
    listen (3.9.0)
      rb-fsevent (~> 0.10, >= 0.10.3)
      rb-inotify (~> 0.9, >= 0.9.10)
    llhttp-ffi (0.5.0)
      ffi-compiler (~> 1.0)
      rake (~> 13.0)
    logger (1.6.5)
    lol_dba (2.4.0)
      actionpack
      activerecord
      railties
    loofah (2.19.1)
      crass (~> 1.0.2)
      nokogiri (>= 1.5.9)
    mail (2.8.1)
      mini_mime (>= 0.1.1)
      net-imap
      net-pop
      net-smtp
    mapping (1.1.1)
    marcel (1.0.4)
    material_design_lite-sass (1.3.0.1)
      autoprefixer-rails (>= 6.5)
      sass (>= 3.3)
    matrix (0.4.2)
    maxmind-db (1.2.0)
    maxmind-geoip2 (1.2.0)
      connection_pool (~> 2.2)
      http (>= 4.3, < 6.0)
      maxmind-db (~> 1.2)
    memory (0.4.2)
      bake (~> 0.15)
      console
      msgpack
    method_source (1.1.0)
    metrics (0.7.0)
    migration_data (0.3.1)
    mime (0.4.4)
    mime-types (3.6.0)
      logger
      mime-types-data (~> 3.2015)
    mime-types-data (3.2025.0107)
    mimemagic (0.3.10)
      nokogiri (~> 1)
      rake
    mini_magick (4.13.2)
    mini_mime (1.1.5)
    mini_portile2 (2.8.8)
    minitest (5.25.4)
    moment_timezone-rails (0.5.14)
      momentjs-rails (~> 2.15.1)
    momentjs-rails (2.15.1)
      railties (>= 3.1)
    msgpack (1.7.5)
    multi_json (1.15.0)
    multi_xml (0.7.1)
      bigdecimal (~> 3.1)
    multipart-post (2.4.1)
    multiparty (0.2.0)
      mime-types
    mustache (1.1.1)
    mustermann (3.0.3)
      ruby2_keywords (~> 0.0.1)
    mustermann-grape (1.0.2)
      mustermann (>= 1.0.0)
    net-ftp (0.3.8)
      net-protocol
      time
    net-imap (0.5.5)
      date
      net-protocol
    net-pop (0.1.2)
      net-protocol
    net-protocol (0.2.2)
      timeout
    net-sftp (4.0.0)
      net-ssh (>= 5.0.0, < 8.0.0)
    net-smtp (0.5.0)
      net-protocol
    net-ssh (7.3.0)
    netrc (0.11.0)
    nio4r (2.7.4)
    nokogiri (1.18.2)
      mini_portile2 (~> 2.8.2)
      racc (~> 1.4)
    nokogiri (1.18.2-arm64-darwin)
      racc (~> 1.4)
    nori (2.7.1)
      bigdecimal
    oauth2 (2.0.9)
      faraday (>= 0.17.3, < 3.0)
      jwt (>= 1.0, < 3.0)
      multi_xml (~> 0.5)
      rack (>= 1.2, < 4)
      snaky_hash (~> 2.0)
      version_gem (~> 1.1)
    oj (3.16.9)
      bigdecimal (>= 3.0)
      ostruct (>= 0.2)
    omniauth (2.1.2)
      hashie (>= 3.4.6)
      rack (>= 2.2.3)
      rack-protection
    omniauth-auth0 (3.1.1)
      omniauth (~> 2)
      omniauth-oauth2 (~> 1)
    omniauth-oauth2 (1.8.0)
      oauth2 (>= 1.4, < 3)
      omniauth (~> 2.0)
    omniauth-rails_csrf_protection (1.0.2)
      actionpack (>= 4.2)
      omniauth (~> 2.0)
    openapi_parser (2.2.3)
    orm_adapter (0.5.0)
    ostruct (0.6.1)
    overcommit (0.60.0)
      childprocess (>= 0.6.3, < 5)
      iniparse (~> 1.4)
      rexml (~> 3.2)
    paper_trail (13.0.0)
      activerecord (>= 5.2)
      request_store (~> 1.1)
    parallel (1.17.0)
    parallel_tests (4.9.0)
      parallel
    paranoia (2.4.3)
      activerecord (>= 4.0, < 6.2)
    parser (3.2.2.4)
      ast (~> 2.4.1)
      racc
    pdf-core (0.9.0)
    pdf-forms (1.2.0)
      cliver (~> 0.3.2)
      safe_shell (>= 1.0.3, < 2.0)
    pdf-toolkit (1.1.0)
    pg (1.5.9)
    pg-aws_rds_iam (0.5.0)
      aws-sdk-rds (~> 1.0)
      pg (~> 1.1)
    prawn (2.4.0)
      pdf-core (~> 0.9.0)
      ttfunk (~> 1.7)
    profanity_filter (0.1.1)
    protocol-hpack (1.5.1)
    protocol-http (0.22.9)
    protocol-http1 (0.14.6)
      protocol-http (~> 0.22)
    protocol-http2 (0.14.2)
      protocol-hpack (~> 1.4)
      protocol-http (~> 0.18)
    public_suffix (6.0.1)
    puma (5.6.9)
      nio4r (~> 2.0)
    pundit (2.0.1)
      activesupport (>= 3.0.0)
    pundit-matchers (1.6.0)
      rspec-rails (>= 3.0.0)
    racc (1.8.1)
    rack (2.2.10)
    rack-accept (0.4.5)
      rack (>= 0.4)
    rack-attack (6.6.1)
      rack (>= 1.0, < 3)
    rack-cors (2.0.2)
      rack (>= 2.0.0)
    rack-mini-profiler (3.0.0)
      rack (>= 1.2.0)
    rack-protection (3.0.6)
      rack
    rack-proxy (0.7.7)
      rack
    rack-test (2.2.0)
      rack (>= 1.3)
    rack-utf8_sanitizer (1.10.1)
      rack (>= 1.0, < 4.0)
    rails (6.1.7.10)
      actioncable (= 6.1.7.10)
      actionmailbox (= 6.1.7.10)
      actionmailer (= 6.1.7.10)
      actionpack (= 6.1.7.10)
      actiontext (= 6.1.7.10)
      actionview (= 6.1.7.10)
      activejob (= 6.1.7.10)
      activemodel (= 6.1.7.10)
      activerecord (= 6.1.7.10)
      activestorage (= 6.1.7.10)
      activesupport (= 6.1.7.10)
      bundler (>= 1.15.0)
      railties (= 6.1.7.10)
      sprockets-rails (>= 2.0.0)
    rails-controller-testing (1.0.5)
      actionpack (>= 5.0.1.rc1)
      actionview (>= 5.0.1.rc1)
      activesupport (>= 5.0.1.rc1)
    rails-dom-testing (2.2.0)
      activesupport (>= 5.0.0)
      minitest
      nokogiri (>= 1.6)
    rails-html-sanitizer (1.5.0)
      loofah (~> 2.19, >= 2.19.1)
    rails-i18n (7.0.10)
      i18n (>= 0.7, < 2)
      railties (>= 6.0.0, < 8)
    rails4-autocomplete (1.1.1)
      rails (>= 3.0)
    railties (6.1.7.10)
      actionpack (= 6.1.7.10)
      activesupport (= 6.1.7.10)
      method_source
      rake (>= 12.2)
      thor (~> 1.0)
    rainbow (3.0.0)
    rake (13.2.1)
    ransack (2.6.0)
      activerecord (>= 6.0.4)
      activesupport (>= 6.0.4)
      i18n
    rb-fsevent (0.11.2)
    rb-inotify (0.11.1)
      ffi (~> 1.0)
    rbnacl (4.0.2)
      ffi
    rbnacl-libsodium (1.0.16)
      rbnacl (>= 3.0.1)
    react-rails (2.6.1)
      babel-transpiler (>= 0.7.0)
      connection_pool
      execjs
      railties (>= 3.2)
      tilt
    redis (4.8.1)
    redis-classy (2.4.1)
      redis-namespace (~> 1.0)
    redis-mutex (4.0.2)
      redis-classy (~> 2.0)
    redis-namespace (1.11.0)
      redis (>= 4)
    redis-semaphore (0.3.1)
      redis
    redis-session-store (0.11.6)
      actionpack (>= 5.2.4.1, < 9)
      redis (>= 3, < 6)
    reek (6.1.4)
      kwalify (~> 0.7.0)
      parser (~> 3.2.0)
      rainbow (>= 2.0, < 4.0)
    regexp_parser (2.10.0)
    regexp_property_values (1.5.2)
    remotipart (1.4.4)
    repost (0.3.8)
    request_store (1.4.1)
      rack (>= 1.4)
    responders (3.1.1)
      actionpack (>= 5.2)
      railties (>= 5.2)
    rest-client (2.1.0)
      http-accept (>= 1.7.0, < 2.0)
      http-cookie (>= 1.0.2, < 2.0)
      mime-types (>= 1.16, < 4.0)
      netrc (~> 0.8)
    retriable (3.1.2)
    retryable (3.0.5)
    rexml (3.4.0)
    roo (2.10.1)
      nokogiri (~> 1)
      rubyzip (>= 1.3.0, < 3.0.0)
    roo-xls (1.2.0)
      nokogiri
      roo (>= 2.0.0, < 3)
      spreadsheet (> 0.9.0)
    rouge (4.5.1)
    rspec (3.13.0)
      rspec-core (~> 3.13.0)
      rspec-expectations (~> 3.13.0)
      rspec-mocks (~> 3.13.0)
    rspec-console (0.6.1)
      bond
    rspec-core (3.13.2)
      rspec-support (~> 3.13.0)
    rspec-expectations (3.13.3)
      diff-lcs (>= 1.2.0, < 2.0)
      rspec-support (~> 3.13.0)
    rspec-files (1.1.3)
      rspec (~> 3.0)
    rspec-memory (1.0.4)
      rspec (~> 3.0)
    rspec-mocks (3.13.2)
      diff-lcs (>= 1.2.0, < 2.0)
      rspec-support (~> 3.13.0)
    rspec-rails (5.1.2)
      actionpack (>= 5.2)
      activesupport (>= 5.2)
      railties (>= 5.2)
      rspec-core (~> 3.10)
      rspec-expectations (~> 3.10)
      rspec-mocks (~> 3.10)
      rspec-support (~> 3.10)
    rspec-retry (0.6.2)
      rspec-core (> 3.3)
    rspec-sidekiq (3.1.0)
      rspec-core (~> 3.0, >= 3.0.0)
      sidekiq (>= 2.4.0)
    rspec-support (3.13.2)
    rspec-xml (0.1.1)
      nokogiri
      rspec
    rswag (2.9.0)
      rswag-api (= 2.9.0)
      rswag-specs (= 2.9.0)
      rswag-ui (= 2.9.0)
    rswag-api (2.9.0)
      railties (>= 3.1, < 7.1)
    rswag-specs (2.9.0)
      activesupport (>= 3.1, < 7.1)
      json-schema (>= 2.2, < 4.0)
      railties (>= 3.1, < 7.1)
      rspec-core (>= 2.14)
    rswag-ui (2.9.0)
      actionpack (>= 3.1, < 7.1)
      railties (>= 3.1, < 7.1)
    rubocop (1.59.0)
      json (~> 2.3)
      language_server-protocol (>= 3.17.0)
      parallel (~> 1.10)
      parser (>= 3.2.2.4)
      rainbow (>= 2.2.2, < 4.0)
      regexp_parser (>= 1.8, < 3.0)
      rexml (>= 3.2.5, < 4.0)
      rubocop-ast (>= 1.30.0, < 2.0)
      ruby-progressbar (~> 1.7)
      unicode-display_width (>= 2.4.0, < 3.0)
    rubocop-ast (1.30.0)
      parser (>= 3.2.1.0)
    rubocop-rails (2.14.2)
      activesupport (>= 4.2.0)
      rack (>= 1.1)
      rubocop (>= 1.7.0, < 2.0)
    rubocop-rake (0.6.0)
      rubocop (~> 1.0)
    rubocop-rspec (2.11.1)
      rubocop (~> 1.19)
    ruby-ole (1.2.13.1)
    ruby-prof (1.7.1)
    ruby-progressbar (1.13.0)
    ruby-rc4 (0.1.5)
    ruby-vips (2.2.2)
      ffi (~> 1.12)
      logger
    ruby2_keywords (0.0.5)
    rubyzip (2.4.1)
    safe_shell (1.1.0)
    samovar (2.3.0)
      console (~> 1.0)
      mapping (~> 1.0)
    sass (3.7.4)
      sass-listen (~> 4.0.0)
    sass-listen (4.0.0)
      rb-fsevent (~> 0.9, >= 0.9.4)
      rb-inotify (~> 0.9, >= 0.9.7)
    sassc (2.4.0)
      ffi (~> 1.9)
    sassc-rails (2.1.2)
      railties (>= 4.0.0)
      sassc (>= 2.0)
      sprockets (> 3.0)
      sprockets-rails
      tilt
    savon (2.12.1)
      akami (~> 1.2)
      builder (>= 2.1.2)
      gyoku (~> 1.2)
      httpi (~> 2.3)
      nokogiri (>= 1.8.1)
      nori (~> 2.4)
      wasabi (~> 3.4)
    scenic (1.7.0)
      activerecord (>= 4.0.0)
      railties (>= 4.0.0)
    scss_lint (0.60.0)
      sass (~> 3.5, >= 3.5.5)
    select2-rails (4.0.13)
    selenium-webdriver (4.28.0)
      base64 (~> 0.2)
      logger (~> 1.4)
      rexml (~> 3.2, >= 3.2.5)
      rubyzip (>= 1.2.2, < 3.0)
      websocket (~> 1.0)
    semantic (1.6.1)
    semantic_range (3.1.0)
    shortener (0.8.2)
      voight_kampff (~> 1.1.2)
    shoryuken (4.0.3)
      aws-sdk-core (>= 2)
      concurrent-ruby
      thor
    shoulda-matchers (4.1.2)
      activesupport (>= 4.2.0)
    sidekiq (6.5.12)
      connection_pool (>= 2.2.5, < 3)
      rack (~> 2.0)
      redis (>= 4.5.0, < 5)
    sidekiq-failures (1.0.4)
      sidekiq (>= 4.0.0)
    simple-random (1.0.3)
    simple_form (5.3.1)
      actionpack (>= 5.2)
      activemodel (>= 5.2)
    simple_spark (1.0.12)
      excon (>= 0.16.0, < 1.0)
      json (>= 1.7.7, < 3.0)
    simplecov (0.19.1)
      docile (~> 1.1)
      simplecov-html (~> 0.11)
    simplecov-buildkite (0.3.0)
      simplecov (~> 0.16)
    simplecov-html (0.13.1)
    simpleidn (0.2.3)
    sinatra (3.0.6)
      mustermann (~> 3.0)
      rack (~> 2.2, >= 2.2.4)
      rack-protection (= 3.0.6)
      tilt (~> 2.0)
    slack-ruby-client (2.4.0)
      faraday (>= 2.0)
      faraday-mashify
      faraday-multipart
      gli
      hashie
    slim (5.1.0)
      temple (~> 0.10.0)
      tilt (>= 2.0.6, < 2.2)
    slim-rails (3.6.3)
      actionpack (>= 3.1)
      railties (>= 3.1)
      slim (>= 3.0, < 6.0, != 5.0.0)
    slim_lint (0.24.0)
      rubocop (>= 1.0, < 2.0)
      slim (>= 3.0, < 6.0)
    snaky_hash (2.0.1)
      hashie
      version_gem (~> 1.1, >= 1.1.1)
    socksify (1.7.1)
    split (3.3.2)
      redis (>= 2.1)
      simple-random (>= 0.9.3)
      sinatra (>= 1.2.6)
    spreadsheet (1.1.9)
      ruby-ole (>= 1.0)
    spring (4.2.1)
    spring-commands-rspec (1.0.4)
      spring (>= 0.9.1)
    spring-commands-rubocop (0.4.0)
      spring (>= 1.0)
    sprockets (4.0.3)
      concurrent-ruby (~> 1.0)
      rack (> 1, < 3)
    sprockets-rails (3.5.2)
      actionpack (>= 6.1)
      activesupport (>= 6.1)
      sprockets (>= 3.0.0)
    ssrf_filter (1.2.0)
    stackprof (0.2.27)
    statsd-instrument (3.9.9)
    strong_migrations (1.4.4)
      activerecord (>= 5.2)
    telephone_number (1.4.22)
    temple (0.10.3)
    test-prof (1.4.4)
    thor (1.3.2)
    thread_safe (0.3.6)
    tilt (2.0.11)
    time (0.4.1)
      date
    timecop (0.9.10)
    timeout (0.4.3)
    timers (4.3.5)
    timezone (1.3.28)
      ostruct (~> 0.6)
    traces (0.10.0)
    ttfunk (1.8.0)
      bigdecimal (~> 3.1)
    turbolinks (5.2.1)
      turbolinks-source (~> 5.2)
    turbolinks-source (5.2.0)
    twilio-ruby (5.67.3)
      faraday (>= 0.9, < 3.0)
      jwt (>= 1.5, <= 2.5)
      nokogiri (>= 1.6, < 2.0)
    typhoeus (1.4.1)
      ethon (>= 0.9.0)
    tzinfo (2.0.6)
      concurrent-ruby (~> 1.0)
    tzinfo-data (1.2022.7)
      tzinfo (>= 1.0.0)
    tzip (0.0.4)
      activesupport (>= 2.3)
    uglifier (4.2.1)
      execjs (>= 0.3.0, < 3)
    unicode-display_width (2.6.0)
    uniform_notifier (1.16.0)
    user_agent_parser (2.18.0)
    valid_email (0.1.4)
      activemodel
      mail (>= 2.6.1)
      simpleidn
    vcr (6.1.0)
    version_gem (1.1.4)
    view_component (2.29.0)
      activesupport (>= 5.0.0, < 7.0)
    virtus (2.0.0)
      axiom-types (~> 0.1)
      coercible (~> 1.0)
      descendants_tracker (~> 0.0, >= 0.0.3)
    voight_kampff (1.1.4)
      rack (>= 1.4, < 3.0)
    warden (1.2.9)
      rack (>= 2.0.9)
    wasabi (3.7.0)
      addressable
      httpi (~> 2.0)
      nokogiri (>= 1.4.2)
    watir (7.2.2)
      regexp_parser (>= 1.2, < 3)
      selenium-webdriver (~> 4.2)
    wavefile (1.0.1)
    webmock (3.18.1)
      addressable (>= 2.8.0)
      crack (>= 0.3.2)
      hashdiff (>= 0.4.0, < 2.0.0)
    webpacker (5.4.4)
      activesupport (>= 5.2)
      rack-proxy (>= 0.6.1)
      railties (>= 5.2)
      semantic_range (>= 2.3.0)
    websocket (1.2.11)
    websocket-driver (0.7.7)
      base64
      websocket-extensions (>= 0.1.0)
    websocket-extensions (0.1.5)
    wicked (1.3.4)
      railties (>= 3.0.7)
    wicked_pdf (2.6.3)
      activesupport
    wisper (2.0.0)
    wkhtmltopdf-binary (0.12.6.8)
    workflow (2.0.2)
    xpath (3.2.0)
      nokogiri (~> 1.8)
    zache (0.13.2)
    zeitwerk (2.7.1)

PLATFORMS
  arm64-darwin-24
  ruby

DEPENDENCIES
  aasm (~> 5.0.1)
  actionpack-cloudfront (~> 1)
  active_model_serializers (~> 0.10.8)
  active_record_union (~> 1.3.0)
  activemerchant (~> 1.89.0)
  activerecord-import (~> 1.0.3)
  addressable (~> 2.8.0)
  american_date (~> 1.1.1)
  annotate (~> 3.1.1)
  area (~> 0.10.0)
  async-http (~> 0.56.5)
  async-rspec
  audio-trimmer (~> 0.0.6)
  auth0 (~> 5.11)
  authy (~> 2.7.5)
  awesome_print (~> 1.8.0)
  aws-sdk-athena (~> 1)
  aws-sdk-codedeploy (~> 1)
  aws-sdk-comprehend (~> 1)
  aws-sdk-dynamodb (~> 1)
  aws-sdk-kinesis (~> 1)
  aws-sdk-kms (~> 1)
  aws-sdk-lambda (~> 1)
  aws-sdk-s3 (~> 1)
  aws-sdk-secretsmanager (~> 1)
  aws-sdk-ses (~> 1)
  aws-sdk-sns (~> 1)
  aws-sdk-sqs (~> 1)
  aws-sdk-ssm (~> 1)
  axe-core-capybara (~> 4.4.0)
  axe-core-rspec (~> 4.4.0)
  babel-transpiler (~> 0.7.0)
  bcrypt_pbkdf (~> 1.1.0)
  better_errors (~> 2)
  bootsnap (>= 1.1.0)
  bootstrap-datepicker-rails (~> 1.8.0.1)
  bootstrap-sass (~> 3.4.1)
  bootstrap-select-rails (~> 1.12.4)
  bootstrap3-datetimepicker-rails (~> 4.17.43)!
  brakeman
  browser (~> 5.3.1)
  bullet (~> 7.0.7)
  bundler-audit (~> 0.9.1)
  capybara
  capybara-screenshot
  carrierwave-aws (~> 1.5.0)
  chartkick
  chewy (~> 5.2.0)
  city-state!
  client_side_validations (>= 16.1.1)
  client_side_validations-simple_form (>= 9.1.0)
  cocoon (~> 1.2.12)
  coffee-rails (~> 5.0.0)
  coffeelint (~> 1.16.1)
  combine_pdf (~> 1.0.15)
  comfortable_mexican_sofa (~> 2.0.18)
  committee (~> 3.3.0)
  connection_pool (~> 2.2)
  coverband
  database_cleaner (~> 2.0.1)
  ddtrace (~> 1.11.0)
  deep_cloneable (~> 3.0.0)
  devise (>= 4.9)
  devise_masquerade (~> 1.3.5)
  dogapi (~> 1.45)
  dogstatsd-ruby (~> 5.5.0)
  dotenv-rails (~> 2.8.1)
  draper (~> 4.0)
  dropbox-sign
  dry-validation
  ed25519 (~> 1.2, >= 1.2.4)
  elasticsearch (~> 7.17)
  excon (~> 0.71.0)
  factory_bot_rails (~> 4.11.1)
  faker (~> 3.1.1)
  faraday (~> 2.7.6)
  faraday-typhoeus (~> 1.1)
  faraday_middleware-aws-sigv4 (~> 0.2.4)
  ffi (~> 1.15.0)
  ffs (~> 0.1.0)!
  fiber-local (~> 1.0.0)
  fix-db-schema-conflicts (~> 3.1.0)
  fun_sftp (~> 1.1.3)
  gender_detector (~> 2.0.0)
  geokit (~> 1.13.1)
  geokit-rails
  gon (~> 6.4.0)
  google-protobuf (~> 3.22.2)
  grape (~> 1.7.0)
  grape-entity (~> 1.0.0)
  grape-middleware-logger (~> 1.12.0)
  grape-route-helpers (~> 2.1.0)
  graphql-client (~> 0.18.0)
  gyoku (~> 1.0)
  hashdiff
  headless (~> 2.3.1)
  hiredis
  honeybadger (~> 5.2.1)
  htmlentities (~> 4.3.4)
  httparty (~> 0.21.0)
  i18n (~> 1.8.10)
  i18n_yaml_sorter (~> 0.2.0)
  inline_svg (~> 1.8.0)
  interactor (~> 3.0)
  jasny-bootstrap-rails (~> 3.1.3)
  jbuilder (~> 2.11.5)
  jquery-countdown-rails (~> 2.0.2)
  jquery-rails (~> 4.4.0)
  jquery-screenfull-rails (~> 3.0.0)
  jquery-ui-rails (~> 6.0.1)
  jwt (~> 2.5)
  kaminari (~> 1.2.1)
  keisan (= 0.8.6)
  knapsack (~> 4.0.0)
  kramdown (>= 2.3.1)
  launchdarkly-server-sdk (~> 8.1.0)
  listen
  lol_dba (~> 2.4.0)
  loofah (~> 2.19.1)
  mail (~> 2.8.1)
  material_design_lite-sass (~> 1.3.0.1)
  matrix
  maxmind-geoip2 (~> 1.2)
  memory (~> 0.4.0)
  metrics (~> 0.7.0)
  migration_data (~> 0.3.1)
  mime
  mimemagic (~> 0.3.10)
  mini_magick (>= 4.9.4)
  moment_timezone-rails (~> 0.5.14)
  momentjs-rails (~> 2.15.1)
  multiparty (~> 0.2.0)
  mustache (~> 1.0)
  net-ftp
  net-ssh (~> 7.1)
  nokogiri (>= 1.13.6)
  oj
  omniauth-auth0 (~> 3.0)
  omniauth-rails_csrf_protection (~> 1.0.0)
  overcommit (~> 0.60.0)
  paper_trail (~> 13.0.0)
  parallel (~> 1.17.0)
  parallel_tests
  paranoia (~> 2.4.1)
  pdf-forms (~> 1.2.0)
  pdf-toolkit (~> 1.1.0)
  pg
  pg-aws_rds_iam (~> 0.5.0)
  phone (~> 1.3.0.beta1)!
  prawn (~> 2.4.0)
  profanity_filter (~> 0.1.1)
  puma (~> 5.6.5)
  pundit (~> 2.0.0)
  pundit-matchers (~> 1.6.0)
  rack (~> 2.2.4)
  rack-attack (~> 6.6.1)
  rack-cors (>= 2.0.1)
  rack-mini-profiler (~> 3.0.0)
  rack-utf8_sanitizer
  rails (~> 6.1.7.3)
  rails-controller-testing (~> 1.0.4)
  rails4-autocomplete (~> 1.1.1)
  rainbow (= 3.0.0)
  ransack (~> 2.5)
  rbnacl (< 5.0)
  rbnacl-libsodium (~> 1.0.16)
  react-rails (= 2.6.1)
  redis (~> 4.8.0)
  redis-mutex (~> 4.0.2)
  redis-semaphore (~> 0.3.1)
  redis-session-store
  reek (~> 6.1.1)
  remotipart (~> 1.4.2)
  repost (~> 0.3.8)
  request_store (~> 1.4.1)
  rest-client (~> 2.1)
  retriable (~> 3.1)
  roo-xls (~> 1.2.0)
  rspec-console (~> 0.6.1)
  rspec-rails (~> 5.1.2)
  rspec-retry (~> 0.6.2)
  rspec-sidekiq (~> 3.1.0)
  rspec-xml
  rswag (~> 2.9.0)
  rubocop (~> 1.19)
  rubocop-rails (~> 2.14.2)
  rubocop-rake (~> 0.6.0)
  rubocop-rspec (~> 2.11.1)
  ruby-prof (>= 0.17.0)
  rubyzip (>= 1.3.0)
  sassc-rails (~> 2.1.0)
  savon (~> 2.12.0)
  scenic (~> 1.7.0)
  scss_lint (~> 0.60.0)
  select2-rails (~> 4.0.3)
  selenium-webdriver (~> 4.2)
  shortener (~> 0.8.0)
  shoryuken (~> 4.0.2)
  shoulda-matchers (~> 4.1.2)
  sidekiq (~> 6.5.8)
  sidekiq-failures (~> 1.0.0)
  simple_form (>= 5.0.0)
  simple_spark (~> 1.0.7)
  simplecov (~> 0.19.1)
  simplecov-buildkite
  sinatra (~> 3.0.5)
  slack-ruby-client
  slim-rails (~> 3.6.1)
  slim_lint (~> 0.24.0)
  split (~> 3.3.0)
  spreadsheet (~> 1.1.8)
  spring (~> 4.1)
  spring-commands-rspec (~> 1.0.4)
  spring-commands-rubocop (~> 0.4.0)
  sprockets (~> 4.0.0)
  stackprof (>= 0.2.9)
  statsd-instrument (~> 3.5)
  strong_migrations (~> 1.4.3)
  telephone_number (~> 1.4.8)
  test-prof (~> 1.0)
  tilt (~> 2.0.10)
  timecop
  timezone (~> 1.0)
  traces (~> 0.10.0)
  turbolinks (~> 5.2.0)
  twilio-ruby (~> 5.67.0)
  typhoeus (~> 1.4.0)
  tzinfo-data (~> 1.2022.1)
  tzip (~> 0.0.4)
  uglifier (~> 4.2.0)
  user_agent_parser (>= 2.6.0)
  valid_email (~> 0.1.2)
  vcr (~> 6.1.0)
  view_component (~> 2.29.0)
  watir (~> 7.2.2)
  wavefile (~> 1.0.1)
  webmock (~> 3.18.1)
  webpacker (~> 5.4.0)
  websocket-extensions (>= 0.1.5)
  wicked (~> 1.3.4)
  wicked_pdf (~> 2.6.3)
  wisper (= 2.0.0)
  wkhtmltopdf-binary (~> 0.12.4)
  workflow (~> 2.0.2)
  zip-codes (~> 0.3.0)!

RUBY VERSION
   ruby 3.2.2p53

BUNDLED WITH
   2.5.22
